GEM
  remote: https://rubygems.org/
  specs:
    fileutils (1.4.1)

PLATFORMS
  x64-mingw32

DEPENDENCIES
  fileutils

BUNDLED WITH
   2.1.4
